GEM
  remote: https://rubygems.org/
  specs:
    dogstatsd-ruby (2.2.0)
    dotenv (2.1.1)
    icalendar (2.4.0)
    mail (2.6.4)
      mime-types (>= 1.16, < 4)
    mime-types (3.1)
      mime-types-data (~> 3.2015)
    mime-types-data (3.2016.0521)
    mustermann (2.0.2)
      ruby2_keywords (~> 0.0.1)
    net-ldap (0.15.0)
    rack (2.2.4)
    rack-protection (2.2.3)
      rack
    ruby2_keywords (0.0.5)
    shotgun (0.9.1)
      rack (>= 1.0)
    sinatra (2.2.3)
      mustermann (~> 2.0)
      rack (~> 2.2)
      rack-protection (= 2.2.3)
      tilt (~> 2.0)
    sinatra-flash (0.3.0)
      sinatra (>= 1.0.0)
    tilt (2.0.11)

PLATFORMS
  ruby

DEPENDENCIES
  dogstatsd-ruby
  dotenv
  icalendar
  mail
  net-ldap
  shotgun
  sinatra
  sinatra-flash
